PATH
  remote: .
  specs:
    learnosity-sdk (0.1.0)
      sys-uname (~> 1.0)

GEM
  remote: https://rubygems.org/
  specs:
    diff-lcs (1.3)
    ffi (1.11.1)
    rake (12.3.3)
    rspec (3.8.0)
      rspec-core (~> 3.8.0)
      rspec-expectations (~> 3.8.0)
      rspec-mocks (~> 3.8.0)
    rspec-core (3.8.0)
      rspec-support (~> 3.8.0)
    rspec-expectations (3.8.3)
      diff-lcs (>= 1.2.0, < 2.0)
      rspec-support (~> 3.8.0)
    rspec-mocks (3.8.0)
      diff-lcs (>= 1.2.0, < 2.0)
      rspec-support (~> 3.8.0)
    rspec-support (3.8.0)
    sys-uname (1.0.4)
      ffi (>= 1.0.0)

PLATFORMS
  ruby

DEPENDENCIES
  bundler (>= 1.14)
  learnosity-sdk!
  rake (~> 12.3)
  rspec (~> 3.0)

BUNDLED WITH
   1.17.3
